GEM
  remote: https://rubygems.org/
  specs:
    builder (3.2.2)
    httparty (0.13.3)
      json (~> 1.8)
      multi_xml (>= 0.5.2)
    json (1.8.1)
    multi_xml (0.5.5)
    twilio (3.1.1)
      builder (>= 2.1.2)
      httparty (>= 0.8)

PLATFORMS
  ruby

DEPENDENCIES
  twilio
